GEM
  remote: https://rubygems.org/
  specs:
    addressable (2.5.0)
      public_suffix (~> 2.0, >= 2.0.2)
    childprocess (0.5.9)
      ffi (~> 1.0, >= 1.0.11)
    cities (0.3.1)
      multi_json (~> 1.8)
    countries (2.0.1)
      i18n_data (~> 0.7.0)
      money (~> 6.0)
      unicode_utils (~> 1.4)
    dotenv (2.1.1)
    faraday (0.10.0)
      multipart-post (>= 1.2, < 3)
    ffi (1.9.14)
    i18n (0.7.0)
    i18n_data (0.7.0)
    koala (2.4.0)
      addressable
      faraday
      multi_json (>= 1.3.0)
    money (6.7.1)
      i18n (>= 0.6.4, <= 0.7.0)
      sixarm_ruby_unaccent (>= 1.1.1, < 2)
    multi_json (1.12.1)
    multipart-post (2.0.0)
    public_suffix (2.0.4)
    rubyzip (1.2.0)
    selenium-webdriver (3.0.1)
      childprocess (~> 0.5)
      rubyzip (~> 1.0)
      websocket (~> 1.0)
    sixarm_ruby_unaccent (1.1.1)
    unicode_utils (1.4.0)
    watir (6.0.2)
      selenium-webdriver (~> 3.0)
    websocket (1.2.3)

PLATFORMS
  ruby

DEPENDENCIES
  cities
  countries
  dotenv
  koala
  watir

RUBY VERSION
   ruby 2.3.0p0

BUNDLED WITH
   1.13.3
